GIT
  remote: ssh://git@github.com/pry/pry.git
  revision: f0bbb268d610d17497a24e06d7b75ee3532f047a
  ref: f0bbb268d610d17497a24e06d7b75ee3532f047a
  specs:
    pry (0.10.1)
      coderay (~> 1.1.0)
      method_source (~> 0.8.1)

GEM
  remote: https://rubygems.org/
  specs:
    coderay (1.1.1)
    diff-lcs (1.2.5)
    method_source (0.8.2)
    rspec (3.4.0)
      rspec-core (~> 3.4.0)
      rspec-expectations (~> 3.4.0)
      rspec-mocks (~> 3.4.0)
    rspec-core (3.4.4)
      rspec-support (~> 3.4.0)
    rspec-expectations (3.4.0)
      diff-lcs (>= 1.2.0, < 2.0)
      rspec-support (~> 3.4.0)
    rspec-mocks (3.4.1)
      diff-lcs (>= 1.2.0, < 2.0)
      rspec-support (~> 3.4.0)
    rspec-support (3.4.1)
    slop (4.3.0)

PLATFORMS
  ruby

DEPENDENCIES
  pry!
  rspec
  slop (~> 4.3.0)

BUNDLED WITH
   1.11.2
